PATH
  remote: .
  specs:
    open_rpg (0.1.0)

GEM
  remote: https://rubygems.org/
  specs:
    rake (12.3.3)
    rake-compiler (1.0.7)
      rake

PLATFORMS
  ruby

DEPENDENCIES
  bundler (~> 2.0)
  open_rpg!
  rake (~> 12.0)
  rake-compiler (~> 1.0)

BUNDLED WITH
   2.0.2
